GEM
  remote: https://rubygems.org/
  specs:
    highline (2.1.0)

PLATFORMS
  ruby

DEPENDENCIES
  highline

BUNDLED WITH
   1.17.2
