GEM
  remote: https://rubygems.org/
  specs:
    base64 (0.2.0)
    event_stream_parser (1.0.0)
    faraday (2.8.1)
      base64
      faraday-net_http (>= 2.0, < 3.1)
      ruby2_keywords (>= 0.0.4)
    faraday-multipart (1.0.4)
      multipart-post (~> 2)
    faraday-net_http (3.0.2)
    highline (2.1.0)
    multipart-post (2.4.1)
    ruby-openai (7.1.0)
      event_stream_parser (>= 0.3.0, < 2.0.0)
      faraday (>= 1)
      faraday-multipart (>= 1)
    ruby2_keywords (0.0.5)

PLATFORMS
  ruby

DEPENDENCIES
  highline
  ruby-openai

BUNDLED WITH
   1.17.2
